GIT
  remote: git://github.com/boblail/faraday-raise-errors.git
  revision: 312dd28f2bab72fe9a798cff23d1a77877c3ee5a
  branch: master
  specs:
    faraday-raise-errors (0.2.0)
      faraday

GIT
  remote: git://github.com/boblail/neat-rails.git
  revision: d2bf2cf83d3fd0fdac676e789f4381e369a82d87
  branch: master
  specs:
    neat-rails (0.0.2)

GIT
  remote: git://github.com/boblail/unfuddle.git
  revision: 11112f3009f3582f48c435a28d9504359f884731
  branch: master
  specs:
    unfuddle (0.1.0)
      activesupport
      builder
      faraday (~> 0.8.8)

GIT
  remote: git://github.com/concordia-publishing-house/houston-feedback.git
  revision: 985a074716fd99e8cb92c875b4a42cf5422af38e
  branch: master
  specs:
    houston-feedback (0.0.1)
      activerecord-import
      pg_search
      rails

GIT
  remote: git://github.com/concordia-publishing-house/houston-itsm.git
  revision: d933c02e9bfbd235267943a1bfbd572fd4a21805
  branch: master
  specs:
    houston-itsm (0.0.1)
      rails
      ruby-ntlm

GIT
  remote: git://github.com/concordia-publishing-house/houston-reports.git
  revision: 8d1f261441f9354df04b2fb5a6a3fd9af4eb128c
  branch: master
  specs:
    houston-reports (0.0.1)
      rails

GIT
  remote: git://github.com/concordia-publishing-house/idioms.git
  revision: 8ba366abd72e1779effd74ed50dafded301a5067
  branch: master
  specs:
    idioms (0.0.1)
      activesupport (>= 3.2.0)
      faraday-raise-errors (>= 0.2.0)

GIT
  remote: git://github.com/concordia-publishing-house/star.git
  revision: 0f33c86e80953926135f978bae993ad71ab333fc
  branch: master
  specs:
    star (0.0.1)
      faraday
      faraday-raise-errors
      multi_json
      nokogiri
      ruby-ntlm

GIT
  remote: git://github.com/concordia-publishing-house/xlsx.git
  revision: 4a6e6e7134de3f2b1670a4bf8d3afdec44a1fa6a
  branch: master
  specs:
    xlsx (0.1.0)
      nokogiri
      open_xml_package

GIT
  remote: git://github.com/houstonmc/houston-alerts.git
  revision: ea73e9c001a867a939d37ee89d22f983767d769d
  branch: master
  specs:
    houston-alerts (0.0.1)
      rails

GIT
  remote: git://github.com/houstonmc/houston-roadmap.git
  revision: 8185d7ac81a60723fd7819ee93f0b8c58a176fd0
  branch: master
  specs:
    houston-roadmap (0.0.1)
      rails

GIT
  remote: git://github.com/houstonmc/houston-scheduler.git
  revision: 73fc36801141f8cb491bb36897fb524c61878e28
  branch: master
  specs:
    houston-scheduler (0.0.1)
      rails

GIT
  remote: git://github.com/houstonmc/oauth-plugin.git
  revision: 5ef4279257e9a4637ccd8c391cc9d6cd8fbfc4dc
  branch: master
  specs:
    oauth-plugin (0.5.1)
      multi_json
      oauth (~> 0.4.4)
      oauth2 (>= 0.5.0)
      rack

GIT
  remote: git://github.com/houstonmc/simplecov-json.git
  revision: ad09e37eebbbb177fbc5e65bdd3db80cc997c6a6
  specs:
    simplecov-json (0.1.1)
      json
      simplecov

GIT
  remote: git://github.com/houstonmc/vestal_versions.git
  revision: a3bec7ce5e4238b146dfa66ab918b3d78051a164
  branch: master
  specs:
    vestal_versions (2.0.0)
      activerecord (>= 3, < 5)
      activesupport (>= 3, < 5)

GIT
  remote: https://github.com/houstonmc/devise_ldap_authenticatable.git
  revision: 9aa8c33ed407cce9b25331a05398b6ae7beeeb0c
  specs:
    devise_ldap_authenticatable (0.7.0)
      devise (~> 3.0.0)
      net-ldap (~> 0.2)

GEM
  remote: https://rubygems.org/
  specs:
    actionmailer (4.1.9)
      actionpack (= 4.1.9)
      actionview (= 4.1.9)
      mail (~> 2.5, >= 2.5.4)
    actionpack (4.1.9)
      actionview (= 4.1.9)
      activesupport (= 4.1.9)
      rack (~> 1.5.2)
      rack-test (~> 0.6.2)
    actionview (4.1.9)
      activesupport (= 4.1.9)
      builder (~> 3.1)
      erubis (~> 2.7.0)
    activemodel (4.1.9)
      activesupport (= 4.1.9)
      builder (~> 3.1)
    activerecord (4.1.9)
      activemodel (= 4.1.9)
      activesupport (= 4.1.9)
      arel (~> 5.0.0)
    activerecord-import (0.7.0)
      activerecord (>= 3.0)
    activesupport (4.1.9)
      i18n (~> 0.6, >= 0.6.9)
      json (~> 1.7, >= 1.7.7)
      minitest (~> 5.1)
      thread_safe (~> 0.1)
      tzinfo (~> 1.1)
    addressable (2.3.6)
    airbrake (4.1.0)
      builder
      multi_json
    ansi (1.4.3)
    arel (5.0.1.20140414130214)
    backbone-rails (1.0.0.1)
      rails (>= 3.0.0)
    bcrypt (3.1.9)
    bcrypt-ruby (3.1.5)
      bcrypt (>= 3.1.3)
    better_errors (2.0.0)
      coderay (>= 1.0.0)
      erubis (>= 2.6.6)
      rack (>= 0.9.0)
    builder (3.2.2)
    callsite (0.0.11)
    cancan (1.6.10)
    capybara (2.4.4)
      mime-types (>= 1.16)
      nokogiri (>= 1.3.3)
      rack (>= 1.0.0)
      rack-test (>= 0.5.4)
      xpath (~> 2.0)
    celluloid (0.15.2)
      timers (~> 1.1.0)
    childprocess (0.5.5)
      ffi (~> 1.0, >= 1.0.11)
    chronic (0.10.2)
    codeclimate-test-reporter (0.4.1)
      simplecov (>= 0.7.1, < 1.0.0)
    coderay (1.1.0)
    coffee-rails (4.0.1)
      coffee-script (>= 2.2.0)
      railties (>= 4.0.0, < 5.0)
    coffee-script (2.3.0)
      coffee-script-source
      execjs
    coffee-script-source (1.8.0)
    crack (0.4.2)
      safe_yaml (~> 1.0.0)
    css_parser (1.3.5)
      addressable
    default_value_for (3.0.0.1)
      activerecord (>= 3.2.0, < 5.0)
    devise (3.0.4)
      bcrypt-ruby (~> 3.0)
      orm_adapter (~> 0.1)
      railties (>= 3.2.6, < 5)
      warden (~> 1.2.3)
    devise_invitable (1.2.1)
      actionmailer (>= 3.2.6, < 5)
      devise (~> 3.0.0)
    docile (1.1.5)
    erubis (2.7.0)
    execjs (2.2.2)
    factory_girl (4.5.0)
      activesupport (>= 3.0.0)
    factory_girl_rails (4.5.0)
      factory_girl (~> 4.5.0)
      railties (>= 3.0.0)
    faraday (0.8.9)
      multipart-post (~> 1.2.0)
    faraday-http-cache (0.4.2)
      faraday (~> 0.8)
    ffi (1.9.6)
    gemnasium (3.2.0)
    gemoji (2.1.0)
    googlecharts (1.6.8)
    handlebars_assets (0.18)
      execjs (>= 1.2.9)
      multi_json
      sprockets (>= 2.0.3)
      tilt
    hike (1.2.3)
    hpricot (0.8.6)
    htmlentities (4.3.2)
    i18n (0.7.0)
    intercom (2.4.3)
      json (~> 1.8)
    intercom-rails (0.2.27)
      activesupport (> 3.0)
    jquery-rails (2.2.1)
      railties (>= 3.0, < 5.0)
      thor (>= 0.14, < 2.0)
    json (1.8.2)
    jwt (1.0.0)
    kgio (2.9.2)
    launchy (2.4.3)
      addressable (~> 2.3)
    letter_opener (1.2.0)
      launchy (~> 2.2)
    libv8 (3.16.14.7)
    mail (2.6.3)
      mime-types (>= 1.16, < 3)
    meta_request (0.3.4)
      callsite (~> 0.0, >= 0.0.11)
      rack-contrib (~> 1.1)
      railties (>= 3.0.0, < 5.0.0)
    method_source (0.8.2)
    mime-types (2.4.3)
    mini_portile (0.6.2)
    minitest (5.5.1)
    minitest-reporters (1.0.7)
      ansi
      builder
      minitest (>= 5.0)
      ruby-progressbar
    multi_json (1.10.1)
    multi_xml (0.5.5)
    multipart-post (1.2.0)
    net-ldap (0.9.0)
    nokogiri (1.6.5)
      mini_portile (~> 0.6.0)
    oauth (0.4.7)
    oauth2 (1.0.0)
      faraday (>= 0.8, < 0.10)
      jwt (~> 1.0)
      multi_json (~> 1.3)
      multi_xml (~> 0.5)
      rack (~> 1.2)
    octokit (3.5.2)
      sawyer (~> 0.5.3)
    oj (2.11.1)
    open_xml_package (0.0.3)
      rubyzip
    orm_adapter (0.5.0)
    pg (0.17.1)
    pg_search (0.7.8)
      activerecord (>= 3.1)
      activesupport (>= 3.1)
      arel
    premailer (1.8.2)
      css_parser (>= 1.3.5)
      htmlentities (>= 4.0.0)
    progressbar (0.21.0)
    pry (0.10.1)
      coderay (~> 1.1.0)
      method_source (~> 0.8.1)
      slop (~> 3.4)
    rack (1.5.2)
    rack-contrib (1.2.0)
      rack (>= 0.9.1)
    rack-test (0.6.3)
      rack (>= 1.0)
    rails (4.1.9)
      actionmailer (= 4.1.9)
      actionpack (= 4.1.9)
      actionview (= 4.1.9)
      activemodel (= 4.1.9)
      activerecord (= 4.1.9)
      activesupport (= 4.1.9)
      bundler (>= 1.3.0, < 2.0)
      railties (= 4.1.9)
      sprockets-rails (~> 2.0)
    railties (4.1.9)
      actionpack (= 4.1.9)
      activesupport (= 4.1.9)
      rake (>= 0.8.7)
      thor (>= 0.18.1, < 2.0)
    raindrops (0.13.0)
    rake (10.4.2)
    redcarpet (3.2.0)
    ref (1.0.5)
    rr (1.1.2)
    ruby-ntlm (0.0.1)
    ruby-progressbar (1.7.0)
    rubyzip (1.1.6)
    rufus-scheduler (3.0.9)
      tzinfo
    rugged (0.21.3)
    safe_yaml (1.0.4)
    sass (3.2.19)
    sass-rails (4.0.4)
      railties (>= 4.0.0, < 5.0)
      sass (~> 3.2.2)
      sprockets (~> 2.8, < 2.12)
      sprockets-rails (~> 2.0)
    sawyer (0.5.5)
      addressable (~> 2.3.5)
      faraday (~> 0.8, < 0.10)
    shoulda-context (1.2.1)
    simplecov (0.9.1)
      docile (~> 1.1.0)
      multi_json (~> 1.0)
      simplecov-html (~> 0.8.0)
    simplecov-html (0.8.0)
    skylight (0.5.1)
      activesupport (>= 3.0.0)
    slop (3.6.0)
    spring (1.1.3)
    sprockets (2.11.3)
      hike (~> 1.2)
      multi_json (~> 1.0)
      rack (~> 1.0)
      tilt (~> 1.1, != 1.3.0)
    sprockets-rails (2.2.4)
      actionpack (>= 3.0)
      activesupport (>= 3.0)
      sprockets (>= 2.8, < 4.0)
    strongbox (0.7.0)
      activerecord
    sucker_punch (1.2.1)
      celluloid (~> 0.15.2)
    sugar-rails (1.4.1)
      railties (>= 3.0.0)
    therubyracer (0.12.1)
      libv8 (~> 3.16.14.0)
      ref
    thor (0.19.1)
    thread_safe (0.3.4)
    tilt (1.4.1)
    timecop (0.7.1)
    timers (1.1.0)
    tzinfo (1.2.2)
      thread_safe (~> 0.1)
    uglifier (2.5.3)
      execjs (>= 0.3.0)
      json (>= 1.8.0)
    unicorn (4.8.3)
      kgio (~> 2.6)
      rack
      raindrops (~> 0.7)
    unicorn-rails (2.2.0)
      rack
      unicorn
    warden (1.2.3)
      rack (>= 1.0)
    webmock (1.20.4)
      addressable (>= 2.3.6)
      crack (>= 0.3.2)
    whenever (0.9.2)
      activesupport (>= 2.3.4)
      chronic (>= 0.6.3)
    xpath (2.0.0)
      nokogiri (~> 1.3)

PLATFORMS
  ruby

DEPENDENCIES
  activerecord-import
  addressable
  airbrake
  backbone-rails (~> 1.0.0)
  better_errors
  bundler
  cancan
  capybara
  childprocess
  codeclimate-test-reporter (= 0.4.1)
  coffee-rails (~> 4.0.0)
  default_value_for
  devise (~> 3.0.0)
  devise_invitable
  devise_ldap_authenticatable!
  factory_girl_rails
  faraday
  faraday-http-cache
  faraday-raise-errors!
  gemnasium
  gemoji
  googlecharts
  handlebars_assets
  houston-alerts!
  houston-feedback!
  houston-itsm!
  houston-reports!
  houston-roadmap!
  houston-scheduler!
  hpricot
  idioms!
  intercom
  intercom-rails
  jquery-rails (= 2.2.1)
  letter_opener
  meta_request
  minitest
  minitest-reporters
  neat-rails!
  nokogiri
  oauth-plugin!
  octokit
  oj
  pg
  pg_search
  premailer
  progressbar
  pry
  rails (~> 4.1.0)
  redcarpet
  rr
  rufus-scheduler
  rugged
  sass-rails (~> 4.0.0)
  shoulda-context
  simplecov
  simplecov-json!
  skylight
  spring
  star!
  strongbox
  sucker_punch
  sugar-rails
  therubyracer
  timecop
  uglifier (>= 1.3.0)
  unfuddle!
  unicorn-rails
  vestal_versions!
  webmock
  whenever (= 0.9.2)
  xlsx!
