GIT
  remote: git://github.com/boblail/neat-rails.git
  revision: d2bf2cf83d3fd0fdac676e789f4381e369a82d87
  branch: master
  specs:
    neat-rails (0.0.2)

GIT
  remote: git://github.com/boblail/unfuddle.git
  revision: 11112f3009f3582f48c435a28d9504359f884731
  branch: master
  specs:
    unfuddle (0.1.0)
      activesupport
      builder
      faraday (~> 0.8.8)

GIT
  remote: git://github.com/concordia-publishing-house/houston-itsm.git
  revision: 326022e902902cc05ed10a656b9cccc3c78590ea
  branch: master
  specs:
    houston-itsm (0.0.1)
      rails
      ruby-ntlm

GIT
  remote: git://github.com/concordia-publishing-house/idioms.git
  revision: 7a3481213dfbb8d340c072e9e08d839b204d91b4
  branch: master
  specs:
    idioms (0.0.1)
      activesupport (>= 3.2.0)

GIT
  remote: git://github.com/houstonmc/houston-alerts.git
  revision: 51746ec8b35bfc5170cdbfcc069db2823edae061
  branch: master
  specs:
    houston-alerts (0.0.1)
      rails

GIT
  remote: git://github.com/houstonmc/houston-roadmap.git
  revision: 8678edbf44a9694038cb1647e157d1abcfc5534b
  branch: master
  specs:
    houston-roadmap (0.0.1)
      rails

GIT
  remote: git://github.com/houstonmc/houston-scheduler.git
  revision: 6095b3e34e3d779ed9c6e6ef3853068df735cfab
  branch: master
  specs:
    houston-scheduler (0.0.1)
      rails

GIT
  remote: git://github.com/houstonmc/simplecov-json.git
  revision: ad09e37eebbbb177fbc5e65bdd3db80cc997c6a6
  specs:
    simplecov-json (0.1.1)
      json
      simplecov

GIT
  remote: git://github.com/houstonmc/vestal_versions.git
  revision: a3bec7ce5e4238b146dfa66ab918b3d78051a164
  branch: master
  specs:
    vestal_versions (2.0.0)
      activerecord (>= 3, < 5)
      activesupport (>= 3, < 5)

GIT
  remote: https://github.com/houstonmc/devise_ldap_authenticatable.git
  revision: 9aa8c33ed407cce9b25331a05398b6ae7beeeb0c
  specs:
    devise_ldap_authenticatable (0.7.0)
      devise (~> 3.0.0)
      net-ldap (~> 0.2)

GEM
  remote: https://rubygems.org/
  specs:
    actionmailer (4.1.4)
      actionpack (= 4.1.4)
      actionview (= 4.1.4)
      mail (~> 2.5.4)
    actionpack (4.1.4)
      actionview (= 4.1.4)
      activesupport (= 4.1.4)
      rack (~> 1.5.2)
      rack-test (~> 0.6.2)
    actionview (4.1.4)
      activesupport (= 4.1.4)
      builder (~> 3.1)
      erubis (~> 2.7.0)
    activemodel (4.1.4)
      activesupport (= 4.1.4)
      builder (~> 3.1)
    activerecord (4.1.4)
      activemodel (= 4.1.4)
      activesupport (= 4.1.4)
      arel (~> 5.0.0)
    activesupport (4.1.4)
      i18n (~> 0.6, >= 0.6.9)
      json (~> 1.7, >= 1.7.7)
      minitest (~> 5.1)
      thread_safe (~> 0.1)
      tzinfo (~> 1.1)
    addressable (2.3.6)
    airbrake (3.1.17)
      builder
      multi_json
    ansi (1.4.3)
    arel (5.0.1.20140414130214)
    backbone-rails (1.0.0.1)
      rails (>= 3.0.0)
    bcrypt (3.1.7)
    bcrypt-ruby (3.1.5)
      bcrypt (>= 3.1.3)
    better_errors (1.1.0)
      coderay (>= 1.0.0)
      erubis (>= 2.6.6)
    builder (3.2.2)
    callsite (0.0.11)
    cancan (1.6.10)
    capybara (2.2.1)
      mime-types (>= 1.16)
      nokogiri (>= 1.3.3)
      rack (>= 1.0.0)
      rack-test (>= 0.5.4)
      xpath (~> 2.0)
    celluloid (0.15.2)
      timers (~> 1.1.0)
    childprocess (0.5.3)
      ffi (~> 1.0, >= 1.0.11)
    chronic (0.10.2)
    codeclimate-test-reporter (0.2.0)
      simplecov (>= 0.7.1, < 1.0.0)
    coderay (1.1.0)
    coffee-rails (4.0.1)
      coffee-script (>= 2.2.0)
      railties (>= 4.0.0, < 5.0)
    coffee-script (2.2.0)
      coffee-script-source
      execjs
    coffee-script-source (1.7.0)
    commonjs (0.2.7)
    crack (0.4.2)
      safe_yaml (~> 1.0.0)
    css_parser (1.3.5)
      addressable
    default_value_for (3.0.0.1)
      activerecord (>= 3.2.0, < 5.0)
    devise (3.0.4)
      bcrypt-ruby (~> 3.0)
      orm_adapter (~> 0.1)
      railties (>= 3.2.6, < 5)
      warden (~> 1.2.3)
    devise_invitable (1.2.1)
      actionmailer (>= 3.2.6, < 5)
      devise (~> 3.0.0)
    docile (1.1.3)
    erubis (2.7.0)
    execjs (2.1.0)
    factory_girl (4.4.0)
      activesupport (>= 3.0.0)
    factory_girl_rails (4.4.1)
      factory_girl (~> 4.4.0)
      railties (>= 3.0.0)
    faraday (0.8.9)
      multipart-post (~> 1.2.0)
    faraday-http-cache (0.4.0)
      faraday (~> 0.8)
    ffi (1.9.3)
    gemnasium (3.0.1)
    gemoji (1.5.0)
    googlecharts (1.6.8)
    handlebars_assets (0.8.2)
      execjs (>= 1.2.9)
      sprockets (>= 2.0.3)
      tilt
    hike (1.2.3)
    hpricot (0.8.6)
    htmlentities (4.3.2)
    i18n (0.6.11)
    jquery-rails (2.2.1)
      railties (>= 3.0, < 5.0)
      thor (>= 0.14, < 2.0)
    json (1.8.1)
    jwt (1.0.0)
    kgio (2.9.2)
    launchy (2.4.2)
      addressable (~> 2.3)
    less (2.3.3)
      commonjs (~> 0.2.6)
    less-rails (2.3.2)
      actionpack (>= 3.1)
      less (~> 2.3.1)
    letter_opener (1.2.0)
      launchy (~> 2.2)
    libv8 (3.16.14.3)
    mail (2.5.4)
      mime-types (~> 1.16)
      treetop (~> 1.4.8)
    meta_request (0.3.0)
      callsite
      rack-contrib
      railties
    method_source (0.8.2)
    mime-types (1.25.1)
    mini_portile (0.6.0)
    minitest (5.4.0)
    minitest-reporters (1.0.4)
      ansi
      builder
      minitest (>= 5.0)
      ruby-progressbar
    multi_json (1.10.1)
    multi_xml (0.5.5)
    multipart-post (1.2.0)
    net-ldap (0.6.1)
    nokogiri (1.6.2.1)
      mini_portile (= 0.6.0)
    oauth (0.4.7)
    oauth-plugin (0.5.1)
      multi_json
      oauth (~> 0.4.4)
      oauth2 (>= 0.5.0)
      rack
    oauth2 (0.9.4)
      faraday (>= 0.8, < 0.10)
      jwt (~> 1.0)
      multi_json (~> 1.3)
      multi_xml (~> 0.5)
      rack (~> 1.2)
    octokit (3.1.0)
      sawyer (~> 0.5.3)
    oj (2.9.4)
    orm_adapter (0.5.0)
    pg (0.17.1)
    polyglot (0.3.5)
    premailer (1.7.3)
      css_parser (>= 1.1.9)
      htmlentities (>= 4.0.0)
    progressbar (0.21.0)
    pry (0.9.12.6)
      coderay (~> 1.0)
      method_source (~> 0.8)
      slop (~> 3.4)
    rack (1.5.2)
    rack-contrib (1.1.0)
      rack (>= 0.9.1)
    rack-test (0.6.2)
      rack (>= 1.0)
    rails (4.1.4)
      actionmailer (= 4.1.4)
      actionpack (= 4.1.4)
      actionview (= 4.1.4)
      activemodel (= 4.1.4)
      activerecord (= 4.1.4)
      activesupport (= 4.1.4)
      bundler (>= 1.3.0, < 2.0)
      railties (= 4.1.4)
      sprockets-rails (~> 2.0)
    railties (4.1.4)
      actionpack (= 4.1.4)
      activesupport (= 4.1.4)
      rake (>= 0.8.7)
      thor (>= 0.18.1, < 2.0)
    raindrops (0.13.0)
    rake (10.3.2)
    redcarpet (3.1.2)
    ref (1.0.5)
    rr (1.1.2)
    ruby-ntlm (0.0.1)
    ruby-progressbar (1.5.1)
    rufus-scheduler (3.0.8)
      tzinfo
    rugged (0.19.0)
    safe_yaml (1.0.3)
    sass (3.2.19)
    sass-rails (4.0.3)
      railties (>= 4.0.0, < 5.0)
      sass (~> 3.2.0)
      sprockets (~> 2.8, <= 2.11.0)
      sprockets-rails (~> 2.0)
    sawyer (0.5.4)
      addressable (~> 2.3.5)
      faraday (~> 0.8, < 0.10)
    shoulda-context (1.2.1)
    simplecov (0.8.2)
      docile (~> 1.1.0)
      multi_json
      simplecov-html (~> 0.8.0)
    simplecov-html (0.8.0)
    skylight (0.3.13)
      activesupport (>= 3.0.0)
    slop (3.5.0)
    spring (1.1.3)
    sprockets (2.11.0)
      hike (~> 1.2)
      multi_json (~> 1.0)
      rack (~> 1.0)
      tilt (~> 1.1, != 1.3.0)
    sprockets-rails (2.1.3)
      actionpack (>= 3.0)
      activesupport (>= 3.0)
      sprockets (~> 2.8)
    strongbox (0.7.0)
      activerecord
    sucker_punch (1.0.5)
      celluloid (~> 0.15.2)
    sugar-rails (1.4.1)
      railties (>= 3.0.0)
    therubyracer (0.12.1)
      libv8 (~> 3.16.14.0)
      ref
    thor (0.19.1)
    thread_safe (0.3.4)
    tilt (1.4.1)
    timecop (0.7.1)
    timers (1.1.0)
    treetop (1.4.15)
      polyglot
      polyglot (>= 0.3.1)
    twitter-bootstrap-rails (2.2.6)
      actionpack (>= 3.1)
      execjs
      railties (>= 3.1)
    tzinfo (1.2.2)
      thread_safe (~> 0.1)
    uglifier (2.5.0)
      execjs (>= 0.3.0)
      json (>= 1.8.0)
    unicorn (4.8.3)
      kgio (~> 2.6)
      rack
      raindrops (~> 0.7)
    unicorn-rails (2.1.1)
      rack
      unicorn
    warden (1.2.3)
      rack (>= 1.0)
    webmock (1.18.0)
      addressable (>= 2.3.6)
      crack (>= 0.3.2)
    whenever (0.9.2)
      activesupport (>= 2.3.4)
      chronic (>= 0.6.3)
    xpath (2.0.0)
      nokogiri (~> 1.3)

PLATFORMS
  ruby

DEPENDENCIES
  addressable
  airbrake (~> 3.1.15)
  backbone-rails (~> 1.0.0)
  better_errors
  bundler
  cancan
  capybara
  childprocess
  codeclimate-test-reporter (= 0.2.0)
  coffee-rails (~> 4.0.0)
  default_value_for
  devise (~> 3.0.0)
  devise_invitable
  devise_ldap_authenticatable!
  factory_girl_rails
  faraday
  faraday-http-cache
  gemnasium
  gemoji
  googlecharts
  handlebars_assets (= 0.8.2)
  houston-alerts!
  houston-itsm!
  houston-roadmap!
  houston-scheduler!
  hpricot
  idioms!
  jquery-rails (= 2.2.1)
  less-rails (= 2.3.2)
  letter_opener
  meta_request
  minitest
  minitest-reporters
  neat-rails!
  nokogiri
  oauth-plugin (~> 0.5.1)
  octokit
  oj
  pg
  premailer (= 1.7.3)
  progressbar
  pry
  rails (~> 4.1.0)
  redcarpet
  rr
  rufus-scheduler
  rugged
  sass-rails (~> 4.0.0)
  shoulda-context
  simplecov
  simplecov-json!
  skylight
  spring
  strongbox
  sucker_punch
  sugar-rails
  therubyracer
  timecop
  twitter-bootstrap-rails (= 2.2.6)
  uglifier (>= 1.3.0)
  unfuddle!
  unicorn-rails
  vestal_versions!
  webmock
  whenever
