GIT
  remote: git://github.com/boblail/unfuddle.git
  revision: 11112f3009f3582f48c435a28d9504359f884731
  branch: master
  specs:
    unfuddle (0.1.0)
      activesupport
      builder
      faraday (~> 0.8.8)

GIT
  remote: git://github.com/concordia-publishing-house/houston-itsm.git
  revision: d88429edaa0b86049b8c2cd0fe594cb317e0ae86
  branch: master
  specs:
    houston-itsm (0.0.1)
      rails (~> 4.0.0)
      ruby-ntlm

GIT
  remote: git://github.com/houstonmc/houston-scheduler.git
  revision: d8165a3ea57195ae1b59041187fddc294ee18526
  branch: master
  specs:
    houston-scheduler (0.0.1)
      rails (~> 4.0.3)

GIT
  remote: git://github.com/houstonmc/simplecov-json.git
  revision: ad09e37eebbbb177fbc5e65bdd3db80cc997c6a6
  specs:
    simplecov-json (0.1.1)
      json
      simplecov

GIT
  remote: https://github.com/houstonmc/devise_ldap_authenticatable.git
  revision: 9aa8c33ed407cce9b25331a05398b6ae7beeeb0c
  specs:
    devise_ldap_authenticatable (0.7.0)
      devise (~> 3.0.0)
      net-ldap (~> 0.2)

GEM
  remote: https://rubygems.org/
  specs:
    actionmailer (4.0.4)
      actionpack (= 4.0.4)
      mail (~> 2.5.4)
    actionpack (4.0.4)
      activesupport (= 4.0.4)
      builder (~> 3.1.0)
      erubis (~> 2.7.0)
      rack (~> 1.5.2)
      rack-test (~> 0.6.2)
    activemodel (4.0.4)
      activesupport (= 4.0.4)
      builder (~> 3.1.0)
    activerecord (4.0.4)
      activemodel (= 4.0.4)
      activerecord-deprecated_finders (~> 1.0.2)
      activesupport (= 4.0.4)
      arel (~> 4.0.0)
    activerecord-deprecated_finders (1.0.3)
    activesupport (4.0.4)
      i18n (~> 0.6, >= 0.6.9)
      minitest (~> 4.2)
      multi_json (~> 1.3)
      thread_safe (~> 0.1)
      tzinfo (~> 0.3.37)
    addressable (2.3.5)
    airbrake (3.1.15)
      builder
      multi_json
    ansi (1.4.3)
    arel (4.0.2)
    backbone-rails (1.0.0.1)
      rails (>= 3.0.0)
    bcrypt (3.1.7)
    bcrypt-ruby (3.1.5)
      bcrypt (>= 3.1.3)
    better_errors (1.1.0)
      coderay (>= 1.0.0)
      erubis (>= 2.6.6)
    builder (3.1.4)
    callsite (0.0.11)
    cancan (1.6.10)
    celluloid (0.15.2)
      timers (~> 1.1.0)
    childprocess (0.5.1)
      ffi (~> 1.0, >= 1.0.11)
    chronic (0.10.2)
    codeclimate-test-reporter (0.2.0)
      simplecov (>= 0.7.1, < 1.0.0)
    coderay (1.1.0)
    coffee-rails (4.0.1)
      coffee-script (>= 2.2.0)
      railties (>= 4.0.0, < 5.0)
    coffee-script (2.2.0)
      coffee-script-source
      execjs
    coffee-script-source (1.7.0)
    commonjs (0.2.7)
    css_parser (1.3.5)
      addressable
    default_value_for (3.0.0)
      activerecord (>= 3.2.0, < 5.0)
    devise (3.0.4)
      bcrypt-ruby (~> 3.0)
      orm_adapter (~> 0.1)
      railties (>= 3.2.6, < 5)
      warden (~> 1.2.3)
    devise_invitable (1.2.1)
      actionmailer (>= 3.2.6, < 5)
      devise (~> 3.0.0)
    docile (1.1.3)
    erubis (2.7.0)
    execjs (2.0.2)
    faraday (0.8.9)
      multipart-post (~> 1.2.0)
    faraday-http-cache (0.4.0)
      faraday (~> 0.8)
    ffi (1.9.3)
    gemoji (1.5.0)
    googlecharts (1.6.8)
    handlebars_assets (0.8.2)
      execjs (>= 1.2.9)
      sprockets (>= 2.0.3)
      tilt
    hashie (2.0.5)
    hike (1.2.3)
    hpricot (0.8.6)
    htmlentities (4.3.1)
    i18n (0.6.9)
    jquery-rails (2.2.1)
      railties (>= 3.0, < 5.0)
      thor (>= 0.14, < 2.0)
    json (1.8.1)
    jwt (0.1.11)
      multi_json (>= 1.5)
    kgio (2.9.2)
    launchy (2.4.2)
      addressable (~> 2.3)
    less (2.3.3)
      commonjs (~> 0.2.6)
    less-rails (2.3.2)
      actionpack (>= 3.1)
      less (~> 2.3.1)
    letter_opener (1.2.0)
      launchy (~> 2.2)
    libv8 (3.16.14.3)
    mail (2.5.4)
      mime-types (~> 1.16)
      treetop (~> 1.4.8)
    meta_request (0.2.8)
      callsite
      rack-contrib
      railties
    method_source (0.8.2)
    mime-types (1.25.1)
    mini_portile (0.5.2)
    minitest (4.7.5)
    minitest-reporters (0.14.24)
      ansi
      builder
      minitest (>= 2.12, < 5.0)
      powerbar
    multi_json (1.9.2)
    multi_xml (0.5.5)
    multipart-post (1.2.0)
    net-ldap (0.5.1)
    nokogiri (1.6.1)
      mini_portile (~> 0.5.0)
    oauth (0.4.7)
    oauth-plugin (0.5.1)
      multi_json
      oauth (~> 0.4.4)
      oauth2 (>= 0.5.0)
      rack
    oauth2 (0.9.3)
      faraday (>= 0.8, < 0.10)
      jwt (~> 0.1.8)
      multi_json (~> 1.3)
      multi_xml (~> 0.5)
      rack (~> 1.2)
    octokit (2.7.2)
      sawyer (~> 0.5.2)
    oj (2.5.5)
    orm_adapter (0.5.0)
    pg (0.17.1)
    polyglot (0.3.4)
    powerbar (1.0.11)
      ansi (~> 1.4.0)
      hashie (>= 1.1.0)
    premailer (1.7.3)
      css_parser (>= 1.1.9)
      htmlentities (>= 4.0.0)
    progressbar (0.21.0)
    pry (0.9.12.6)
      coderay (~> 1.0)
      method_source (~> 0.8)
      slop (~> 3.4)
    rack (1.5.2)
    rack-contrib (1.1.0)
      rack (>= 0.9.1)
    rack-test (0.6.2)
      rack (>= 1.0)
    rails (4.0.4)
      actionmailer (= 4.0.4)
      actionpack (= 4.0.4)
      activerecord (= 4.0.4)
      activesupport (= 4.0.4)
      bundler (>= 1.3.0, < 2.0)
      railties (= 4.0.4)
      sprockets-rails (~> 2.0.0)
    railties (4.0.4)
      actionpack (= 4.0.4)
      activesupport (= 4.0.4)
      rake (>= 0.8.7)
      thor (>= 0.18.1, < 2.0)
    raindrops (0.13.0)
    rake (10.2.2)
    redcarpet (3.1.1)
    ref (1.0.5)
    rr (1.1.2)
    ruby-ntlm (0.0.1)
    rugged (0.19.0)
    sass (3.3.0)
      rake
    sass-rails (4.0.1)
      railties (>= 4.0.0, < 5.0)
      sass (>= 3.1.10)
      sprockets-rails (~> 2.0.0)
    sawyer (0.5.3)
      addressable (~> 2.3.5)
      faraday (~> 0.8, < 0.10)
    shoulda-context (1.1.6)
    simplecov (0.8.2)
      docile (~> 1.1.0)
      multi_json
      simplecov-html (~> 0.8.0)
    simplecov-html (0.8.0)
    skylight (0.3.6)
      activesupport (>= 3.0.0)
    slop (3.4.7)
    spring (1.1.2)
    sprockets (2.12.0)
      hike (~> 1.2)
      multi_json (~> 1.0)
      rack (~> 1.0)
      tilt (~> 1.1, != 1.3.0)
    sprockets-rails (2.0.1)
      actionpack (>= 3.0)
      activesupport (>= 3.0)
      sprockets (~> 2.8)
    strongbox (0.7.0)
      activerecord
    sucker_punch (1.0.2)
      celluloid (~> 0.15.1)
    sugar-rails (1.4.1)
      railties (>= 3.0.0)
    therubyracer (0.12.1)
      libv8 (~> 3.16.14.0)
      ref
    thor (0.19.1)
    thread_safe (0.3.3)
    tilt (1.4.1)
    timecop (0.7.1)
    timers (1.1.0)
    treetop (1.4.15)
      polyglot
      polyglot (>= 0.3.1)
    turn (0.9.6)
      ansi
    twitter-bootstrap-rails (2.2.6)
      actionpack (>= 3.1)
      execjs
      railties (>= 3.1)
    tzinfo (0.3.39)
    uglifier (2.4.0)
      execjs (>= 0.3.0)
      json (>= 1.8.0)
    unicorn (4.8.2)
      kgio (~> 2.6)
      rack
      raindrops (~> 0.7)
    unicorn-rails (1.1.0)
      rack
      unicorn
    warden (1.2.3)
      rack (>= 1.0)
    whenever (0.9.2)
      activesupport (>= 2.3.4)
      chronic (>= 0.6.3)

PLATFORMS
  ruby

DEPENDENCIES
  addressable
  airbrake (~> 3.1.15)
  backbone-rails (~> 1.0.0)
  better_errors
  bundler
  cancan
  childprocess
  codeclimate-test-reporter (= 0.2.0)
  coffee-rails (~> 4.0.0)
  default_value_for
  devise (~> 3.0.0)
  devise_invitable
  devise_ldap_authenticatable!
  faraday
  faraday-http-cache
  gemoji
  googlecharts
  handlebars_assets (= 0.8.2)
  houston-itsm!
  houston-scheduler!
  hpricot
  jquery-rails (= 2.2.1)
  less-rails (= 2.3.2)
  letter_opener
  meta_request
  minitest
  minitest-reporters
  nokogiri
  oauth-plugin (~> 0.5.1)
  octokit
  oj
  pg
  premailer (= 1.7.3)
  progressbar
  pry
  rails (~> 4.0.4)
  redcarpet
  rr
  rugged
  sass-rails (~> 4.0.0)
  shoulda-context
  simplecov
  simplecov-json!
  skylight
  spring
  strongbox
  sucker_punch
  sugar-rails
  therubyracer
  timecop
  turn
  twitter-bootstrap-rails (= 2.2.6)
  uglifier (>= 1.3.0)
  unfuddle!
  unicorn-rails
  whenever
